PATH
  remote: .
  specs:
    maventa (0.1)
      faraday (~> 2)
      faraday-multipart (~> 1.1)
      json
      nokogiri

GEM
  remote: https://rubygems.org/
  specs:
    base64 (0.2.0)
    byebug (11.1.3)
    dotenv (3.1.7)
    faraday (2.12.2)
      faraday-net_http (>= 2.0, < 3.5)
      json
      logger
    faraday-multipart (1.1.0)
      multipart-post (~> 2.0)
    faraday-net_http (3.4.0)
      net-http (>= 0.5.0)
    json (2.9.1)
    logger (1.6.5)
    mini_portile2 (2.8.8)
    minitest (5.25.4)
    multipart-post (2.4.1)
    net-http (0.6.0)
      uri
    nokogiri (1.18.2)
      mini_portile2 (~> 2.8.2)
      racc (~> 1.4)
    nokogiri (1.18.2-x86_64-linux-gnu)
      racc (~> 1.4)
    racc (1.8.1)
    rake (13.2.1)
    uri (1.0.2)
    vcr (6.3.1)
      base64

PLATFORMS
  ruby
  x86_64-linux

DEPENDENCIES
  bundler
  byebug
  dotenv
  maventa!
  minitest
  rake
  vcr

BUNDLED WITH
   2.5.23
